GEM
  remote: https://rubygems.org/
  specs:
    bump (0.5.0)
    minitest (5.14.4)
    minitest-rg (5.2.0)
      minitest (~> 5.0)
    rake (10.3.2)
    wwtd (0.5.5)

PLATFORMS
  ruby

DEPENDENCIES
  bump
  minitest
  minitest-rg
  rake
  wwtd

BUNDLED WITH
   2.2.16
